GIT
  remote: https://github.com/jeffreytse/jekyll-spaceship.git
  revision: 1f8c3293d300ac9680fe4142e300c06d0cd2f057
  specs:
    jekyll-spaceship (0.9.8)
      gemoji (~> 3.0)
      jekyll (>= 3.6, < 5.0)
      nokogiri (~> 1.6)
      rainbow (~> 3.0)

GIT
  remote: https://github.com/jekyll/jekyll-redirect-from.git
  revision: 635a78b878ee99190b73b39a2185a824664b3631
  specs:
    jekyll-redirect-from (0.16.0)
      jekyll (>= 3.3, < 5.0)

GIT
  remote: https://github.com/jekyll/jekyll-seo-tag.git
  revision: 93c664bce07aa290e141f15763dbfefe5de2744b
  specs:
    jekyll-seo-tag (2.7.1)
      jekyll (>= 3.8, < 5.0)

GIT
  remote: https://github.com/jekyll/jekyll-sitemap.git
  revision: aecc559ff6d15e3bea92cdc898b4edeb6fdf774d
  specs:
    jekyll-sitemap (1.4.0)
      jekyll (>= 3.7, < 5.0)

GIT
  remote: https://github.com/jekyll/jekyll.git
  revision: 4f0dbdb9e8d1e9553e4036ea55540c75925b7fc7
  specs:
    jekyll (4.2.0)
      addressable (~> 2.4)
      colorator (~> 1.0)
      em-websocket (~> 0.5)
      i18n (~> 1.0)
      jekyll-sass-converter (~> 2.0)
      jekyll-watch (~> 2.0)
      kramdown (~> 2.3)
      kramdown-parser-gfm (~> 1.0)
      liquid (~> 4.0)
      mercenary (~> 0.4.0)
      pathutil (~> 0.9)
      rouge (~> 3.0)
      safe_yaml (~> 1.0)
      terminal-table (~> 2.0)
      webrick (~> 1.7)

GIT
  remote: https://github.com/keithmifsud/jekyll-target-blank.git
  revision: f6fb51a819a465127dabc9fadfc08f8dacfe8ab4
  specs:
    jekyll-target-blank (2.0.0)
      jekyll (>= 3.0, < 5.0)
      nokogiri (~> 1.10)

GIT
  remote: https://github.com/toshimaru/jekyll-tagging-related_posts.git
  revision: a374bbeaf12ec2fe73d7c9060a782beadca786c4
  specs:
    jekyll-tagging-related_posts (1.1.0)
      jekyll (>= 3.5, < 5.0)
      jekyll-tagging (~> 1.0)

GEM
  remote: https://rubygems.org/
  specs:
    addressable (2.7.0)
      public_suffix (>= 2.0.2, < 5.0)
    colorator (1.1.0)
    concurrent-ruby (1.1.7)
    em-websocket (0.5.2)
      eventmachine (>= 0.12.9)
      http_parser.rb (~> 0.6.0)
    eventmachine (1.2.7)
    ffi (1.14.2)
    forwardable-extended (2.6.0)
    gemoji (3.0.1)
    http_parser.rb (0.6.0)
    i18n (1.8.7)
      concurrent-ruby (~> 1.0)
    jekyll-sass-converter (2.1.0)
      sassc (> 2.0.1, < 3.0)
    jekyll-tagging (1.1.0)
      nuggets
    jekyll-watch (2.2.1)
      listen (~> 3.0)
    kramdown (2.3.0)
      rexml
    kramdown-parser-gfm (1.1.0)
      kramdown (~> 2.0)
    liquid (4.0.3)
    listen (3.4.1)
      rb-fsevent (~> 0.10, >= 0.10.3)
      rb-inotify (~> 0.9, >= 0.9.10)
    mercenary (0.4.0)
    mini_portile2 (2.5.0)
    nokogiri (1.11.1)
      mini_portile2 (~> 2.5.0)
      racc (~> 1.4)
    nuggets (1.6.0)
    pathutil (0.16.2)
      forwardable-extended (~> 2.6)
    public_suffix (4.0.6)
    racc (1.5.2)
    rainbow (3.0.0)
    rb-fsevent (0.10.4)
    rb-inotify (0.10.1)
      ffi (~> 1.0)
    rexml (3.2.4)
    rouge (3.26.0)
    safe_yaml (1.0.5)
    sassc (2.4.0)
      ffi (~> 1.9)
    terminal-table (2.0.0)
      unicode-display_width (~> 1.1, >= 1.1.1)
    unicode-display_width (1.7.0)
    webrick (1.7.0)

PLATFORMS
  ruby

DEPENDENCIES
  jekyll!
  jekyll-redirect-from!
  jekyll-seo-tag!
  jekyll-sitemap!
  jekyll-spaceship!
  jekyll-tagging-related_posts!
  jekyll-target-blank!

BUNDLED WITH
   2.2.7
